GEM
  remote: https://rubygems.org/
  specs:
    byebug (11.1.3)
    call-me (0.0.2.3)
      refining
    coderay (1.1.3)
    mbox (0.1.0)
      call-me
    method_source (1.0.0)
    pry (0.14.2)
      coderay (~> 1.1)
      method_source (~> 1.0)
    pry-byebug (3.10.1)
      byebug (~> 11.0)
      pry (>= 0.13, < 0.15)
    refining (0.0.5.5)

PLATFORMS
  x86_64-linux

DEPENDENCIES
  mbox
  pry-byebug

BUNDLED WITH
   2.4.3
